GIT
  remote: git@github.com:backupify/exception_helper.git
  revision: 212f60e91903da7cf7c30a61d98a2076eaa9412a
  specs:
    exception_helper (0.1.1)
      activesupport (>= 2.3.5)

GIT
  remote: http://github.com/backupify/active_attr.git
  revision: f0b74e48a2bde840e07a2f00b4f4420c836d7d91
  specs:
    active_attr (0.6.0.alpha1)
      activemodel (>= 3.0.2, < 4.1)
      activesupport (>= 3.0.2, < 4.1)

GIT
  remote: http://github.com/backupify/cassandra.git
  revision: e66c55ebb61422db96546f2052c5701f6e8e5343
  specs:
    cassandra (0.12.2)
      json
      rake
      simple_uuid (~> 0.2.0)
      thrift_client (>= 0.7.0)

GEM
  remote: http://rubygems.org/
  specs:
    activemodel (3.2.8)
      activesupport (= 3.2.8)
      builder (~> 3.0.0)
    activerecord (3.2.8)
      activemodel (= 3.2.8)
      activesupport (= 3.2.8)
      arel (~> 3.0.2)
      tzinfo (~> 0.3.29)
    activesupport (3.2.8)
      i18n (~> 0.6)
      multi_json (~> 1.0)
    arel (3.0.2)
    builder (3.0.3)
    factory_girl (4.0.0)
      activesupport (>= 3.0.0)
    git (1.2.5)
    i18n (0.6.1)
    jeweler (1.8.4)
      bundler (~> 1.0)
      git (>= 1.2.5)
      rake
      rdoc
    json (1.7.5)
    log4r (1.1.10)
    metaclass (0.0.1)
    mocha (0.13.1)
      metaclass (~> 0.0.1)
    multi_json (1.3.6)
    rake (0.9.2.2)
    rdoc (3.12)
      json (~> 1.4)
    shoulda (3.1.1)
      shoulda-context (~> 1.0)
      shoulda-matchers (~> 1.2)
    shoulda-context (1.0.0)
    shoulda-matchers (1.3.0)
      activesupport (>= 3.0.0)
    simple_uuid (0.2.0)
    thrift (0.8.0)
    thrift_client (0.8.1)
      thrift (~> 0.8.0)
    tzinfo (0.3.33)

PLATFORMS
  ruby

DEPENDENCIES
  active_attr!
  activemodel (>= 2.3.5)
  activerecord (>= 2.3.5)
  activesupport (>= 2.3.5)
  bundler (~> 1.1.0)
  cassandra!
  exception_helper!
  factory_girl
  jeweler (~> 1.8.4)
  log4r
  mocha
  rdoc (~> 3.12)
  shoulda
